GEM
  remote: https://rubygems.org/
  specs:
    builder (3.2.2)
    contracts (0.7)
    excon (0.51.0)
    fog (1.24.0)
      fog-brightbox
      fog-core (~> 1.23)
      fog-json
      fog-radosgw (>= 0.0.2)
      fog-sakuracloud (>= 0.0.4)
      fog-softlayer
      ipaddress (~> 0.5)
      nokogiri (~> 1.5, >= 1.5.11)
    fog-brightbox (0.11.0)
      fog-core (~> 1.22)
      fog-json
      inflecto (~> 0.0.2)
    fog-core (1.31.1)
      builder
      excon (~> 0.45)
      formatador (~> 0.2)
      mime-types
      net-scp (~> 1.1)
      net-ssh (>= 2.1.3)
    fog-json (1.0.2)
      fog-core (~> 1.0)
      multi_json (~> 1.10)
    fog-radosgw (0.0.5)
      fog-core (>= 1.21.0)
      fog-json
      fog-xml (>= 0.0.1)
    fog-sakuracloud (1.7.5)
      fog-core
      fog-json
    fog-softlayer (1.1.3)
      fog-core
      fog-json
    fog-xml (0.1.2)
      fog-core
      nokogiri (~> 1.5, >= 1.5.11)
    formatador (0.2.5)
    inflecto (0.0.2)
    ipaddress (0.8.3)
    jdbc-postgres (9.4.1206)
    jruby-jars (1.7.25)
    jruby-rack (1.1.20)
    mime-types (2.6.1)
    multi_json (1.12.1)
    net-scp (1.2.1)
      net-ssh (>= 2.6.5)
    net-ssh (2.9.2)
    nokogiri (1.6.8-java)
    rake (11.2.2)
    rubyzip (1.1.7)
    sluice (0.2.2)
      contracts (~> 0.4)
      fog (= 1.24)
    warbler (1.4.9)
      jruby-jars (>= 1.5.6, < 2.0)
      jruby-rack (>= 1.1.1, < 1.3)
      rake (>= 0.9.6)
      rubyzip (>= 0.9, < 1.2)

PLATFORMS
  java

DEPENDENCIES
  contracts (= 0.7)
  fog (= 1.24.0)
  fog-core (= 1.31.1)
  jdbc-postgres
  mime-types (= 2.6.1)
  net-ssh (= 2.9.2)
  sluice (~> 0.2.2)
  warbler (~> 1.4.9)

RUBY VERSION
   ruby 1.9.3p551 (jruby 1.7.24)

BUNDLED WITH
   1.12.5
