GEM
  remote: https://rubygems.org/
  specs:
    CFPropertyList (2.3.2)
    builder (3.2.2)
    contracts (0.14.0)
    domain_name (0.5.20160615)
      unf (>= 0.0.5, < 1.0.0)
    elasticity (6.0.8)
      fog (~> 1.0)
      rest-client (~> 1.0)
      unf (~> 0.1)
    excon (0.51.0)
    fission (0.5.0)
      CFPropertyList (~> 2.2)
    fog (1.25.0)
      fog-brightbox (~> 0.4)
      fog-core (~> 1.25)
      fog-json
      fog-profitbricks
      fog-radosgw (>= 0.0.2)
      fog-sakuracloud (>= 0.0.4)
      fog-softlayer
      fog-terremark
      fog-vmfusion
      fog-voxel
      fog-xml (~> 0.1.1)
      ipaddress (~> 0.5)
      nokogiri (~> 1.5, >= 1.5.11)
      opennebula
    fog-brightbox (0.11.0)
      fog-core (~> 1.22)
      fog-json
      inflecto (~> 0.0.2)
    fog-core (1.42.0)
      builder
      excon (~> 0.49)
      formatador (~> 0.2)
    fog-json (1.0.2)
      fog-core (~> 1.0)
      multi_json (~> 1.10)
    fog-profitbricks (0.0.5)
      fog-core
      fog-xml
      nokogiri
    fog-radosgw (0.0.5)
      fog-core (>= 1.21.0)
      fog-json
      fog-xml (>= 0.0.1)
    fog-sakuracloud (1.7.5)
      fog-core
      fog-json
    fog-softlayer (1.1.3)
      fog-core
      fog-json
    fog-terremark (0.1.0)
      fog-core
      fog-xml
    fog-vmfusion (0.1.0)
      fission
      fog-core
    fog-voxel (0.1.0)
      fog-core
      fog-xml
    fog-xml (0.1.2)
      fog-core
      nokogiri (~> 1.5, >= 1.5.11)
    formatador (0.2.5)
    http-cookie (1.0.2)
      domain_name (~> 0.5)
    inflecto (0.0.2)
    ipaddress (0.8.3)
    jruby-jars (1.7.25)
    jruby-rack (1.1.20)
    json (2.0.2-java)
    mime-types (2.99.2)
    multi_json (1.12.1)
    net-ssh (2.9.4)
    netrc (0.11.0)
    nokogiri (1.6.8-java)
    opennebula (5.0.2)
      json
      nokogiri
      rbvmomi
    rake (11.2.2)
    rbvmomi (1.8.2)
      builder
      nokogiri (>= 1.4.1)
      trollop
    rest-client (1.8.0)
      http-cookie (>= 1.0.2, < 2.0)
      mime-types (>= 1.16, < 3.0)
      netrc (~> 0.7)
    rubyzip (1.1.7)
    sluice (0.4.0)
      contracts (~> 0.9)
      fog (= 1.25)
      net-ssh (~> 2.9.2)
    trollop (2.1.2)
    unf (0.1.4-java)
    warbler (1.4.9)
      jruby-jars (>= 1.5.6, < 2.0)
      jruby-rack (>= 1.1.1, < 1.3)
      rake (>= 0.9.6)
      rubyzip (>= 0.9, < 1.2)

PLATFORMS
  java

DEPENDENCIES
  elasticity (~> 6.0.7)
  sluice (~> 0.4.0)
  warbler (~> 1.4.9)

RUBY VERSION
   ruby 1.9.3p551 (jruby 1.7.24)

BUNDLED WITH
   1.12.5
