GEM
  remote: https://rubygems.org/
  specs:
    builder (3.2.2)
    contracts (0.2.4)
    domain_name (0.5.25)
      unf (>= 0.0.5, < 1.0.0)
    elasticity (4.0.5)
      fog (~> 1.0)
      nokogiri (~> 1.0)
      rest-client (~> 1.0)
      unf (~> 0.1)
    excon (0.25.3)
    fog (1.14.0)
      builder
      excon (~> 0.25.0)
      formatador (~> 0.2.0)
      mime-types
      multi_json (~> 1.0)
      net-scp (~> 1.1)
      net-ssh (>= 2.1.3)
      nokogiri (~> 1.5)
      ruby-hmac
    formatador (0.2.4)
    http-cookie (1.0.2)
      domain_name (~> 0.5)
    mime-types (1.25)
    mini_portile (0.5.1)
    multi_json (1.8.1)
    net-scp (1.1.2)
      net-ssh (>= 2.6.5)
    net-ssh (2.7.0)
    netrc (0.10.3)
    nokogiri (1.6.0)
      mini_portile (~> 0.5.0)
    rest-client (1.8.0)
      http-cookie (>= 1.0.2, < 2.0)
      mime-types (>= 1.16, < 3.0)
      netrc (~> 0.7)
    ruby-hmac (0.4.0)
    sluice (0.1.5)
      contracts (~> 0.2.3)
      fog (~> 1.14.0)
    unf (0.1.4)
      unf_ext
    unf_ext (0.0.7.1)

PLATFORMS
  ruby

DEPENDENCIES
  elasticity (~> 4.0.5)
  sluice (~> 0.1.5)

BUNDLED WITH
   1.10.6
